GEM
  remote: http://rubygems.org/
  specs:
    beefcake (0.3.7)
    builder (3.1.4)
    i18n (0.6.1)
    json (1.7.5)
    multi_json (1.3.6)
    riak-client (1.0.5)
      beefcake (~> 0.3.7)
      builder (>= 2.1.2)
      i18n (>= 0.4.0)
      multi_json (~> 1.0)

PLATFORMS
  ruby

DEPENDENCIES
  json
  riak-client
